PATH
  remote: .
  specs:
    pair (0.0.4)
      httparty (~> 0.8.1)
      ruby_gntp (~> 0.3.4)

GEM
  remote: http://rubygems.org/
  specs:
    diff-lcs (1.1.3)
    httparty (0.8.1)
      multi_json
      multi_xml
    multi_json (1.0.4)
    multi_xml (0.4.1)
    rake (0.9.2.2)
    rspec (2.7.0)
      rspec-core (~> 2.7.0)
      rspec-expectations (~> 2.7.0)
      rspec-mocks (~> 2.7.0)
    rspec-core (2.7.1)
    rspec-expectations (2.7.0)
      diff-lcs (~> 1.1.2)
    rspec-mocks (2.7.0)
    ruby_gntp (0.3.4)

PLATFORMS
  ruby

DEPENDENCIES
  pair!
  rake
  rspec (~> 2.7.0)
